GEM
  remote: http://rubygems.org/
  specs:
    bitters (0.9.3)
      bourbon (>= 3.1)
      sass (>= 3.2)
      thor
    bourbon (4.0.1)
      sass (~> 3.3)
      thor
    neat (1.6.0)
      bourbon (>= 3.1)
      sass (>= 3.3)
    sass (3.3.7)
    slim (2.0.2)
      temple (~> 0.6.6)
      tilt (>= 1.3.3, < 2.1)
    temple (0.6.7)
    thor (0.19.1)
    tilt (2.0.1)

PLATFORMS
  ruby

DEPENDENCIES
  bitters
  bourbon
  neat
  sass
  slim
